GEM
  remote: https://rubygems.org/
  specs:
    addressable (2.5.0)
      public_suffix (~> 2.0, >= 2.0.2)
    faraday (0.11.0)
      multipart-post (>= 1.2, < 3)
    libxml-ruby (2.9.0)
    libxslt-ruby (1.1.1)
      libxml-ruby (>= 2.4.0)
    multipart-post (2.0.0)
    octokit (4.6.2)
      sawyer (~> 0.8.0, >= 0.5.3)
    pg (0.19.0)
    public_suffix (2.0.5)
    rack (1.6.5)
    sawyer (0.8.1)
      addressable (>= 2.3.5, < 2.6)
      faraday (~> 0.8, < 1.0)
    sequel (4.42.1)

PLATFORMS
  ruby

DEPENDENCIES
  libxml-ruby (> 0)
  libxslt-ruby (> 0)
  octokit (~> 4.6)
  pg
  rack
  sequel (~> 4.6)

BUNDLED WITH
   1.14.3
