GEM
  remote: https://rubygems.org/
  specs:
    addressable (2.5.0)
      public_suffix (~> 2.0, >= 2.0.2)
    faraday (0.11.0)
      multipart-post (>= 1.2, < 3)
    libxml-ruby (2.9.0)
    libxslt-ruby (1.1.1)
      libxml-ruby (>= 2.4.0)
    licensee (8.7.0)
      rugged (~> 0.24)
    multipart-post (2.0.0)
    octokit (4.6.2)
      sawyer (~> 0.8.0, >= 0.5.3)
    pg (0.19.0)
    public_suffix (2.0.5)
    rugged (0.25.1.1)
    sawyer (0.8.1)
      addressable (>= 2.3.5, < 2.6)
      faraday (~> 0.8, < 1.0)
    sequel (4.42.1)

PLATFORMS
  ruby

DEPENDENCIES
  libxml-ruby (> 0)
  libxslt-ruby (> 0)
  licensee (~> 8.7)
  octokit (~> 4.6)
  pg
  sequel (~> 4.6)

RUBY VERSION
   ruby 2.2.6p396

BUNDLED WITH
   1.14.3
